GEM
  remote: https://rubygems.org/
  specs:
    addressable (2.8.7)
      public_suffix (>= 2.0.2, < 7.0)
    asciidoctor (2.0.23)
    base64 (0.2.0)
    diffy (3.4.3)
    faraday (2.12.2)
      faraday-net_http (>= 2.0, < 3.5)
      json
      logger
    faraday-net_http (3.4.0)
      net-http (>= 0.5.0)
    faraday-retry (2.2.1)
      faraday (~> 2.0)
    json (2.10.2)
    logger (1.6.6)
    net-http (0.6.0)
      uri
    nokogiri (1.18.4-aarch64-linux-gnu)
      racc (~> 1.4)
    nokogiri (1.18.4-aarch64-linux-musl)
      racc (~> 1.4)
    nokogiri (1.18.4-arm-linux-gnu)
      racc (~> 1.4)
    nokogiri (1.18.4-arm-linux-musl)
      racc (~> 1.4)
    nokogiri (1.18.4-arm64-darwin)
      racc (~> 1.4)
    nokogiri (1.18.4-x86_64-darwin)
      racc (~> 1.4)
    nokogiri (1.18.4-x86_64-linux-gnu)
      racc (~> 1.4)
    nokogiri (1.18.4-x86_64-linux-musl)
      racc (~> 1.4)
    octokit (9.2.0)
      faraday (>= 1, < 3)
      sawyer (~> 0.9)
    public_suffix (6.0.1)
    racc (1.8.1)
    rexml (3.4.1)
    rss (0.3.1)
      rexml
    sawyer (0.9.2)
      addressable (>= 2.3.5)
      faraday (>= 0.17.3, < 3)
    uri (1.0.3)

PLATFORMS
  aarch64-linux-gnu
  aarch64-linux-musl
  arm-linux-gnu
  arm-linux-musl
  arm64-darwin
  x86_64-darwin
  x86_64-linux-gnu
  x86_64-linux-musl

DEPENDENCIES
  asciidoctor (~> 2.0.0)
  base64 (~> 0.2.0)
  diffy
  faraday-retry
  nokogiri
  octokit
  rss

CHECKSUMS
  addressable (2.8.7) sha256=462986537cf3735ab5f3c0f557f14155d778f4b43ea4f485a9deb9c8f7c58232
  asciidoctor (2.0.23) sha256=52208807f237dfa0ca29882f8b13d60b820496116ad191cf197ca56f2b7fddf3
  base64 (0.2.0) sha256=0f25e9b21a02a0cc0cea8ef92b2041035d39350946e8789c562b2d1a3da01507
  diffy (3.4.3) sha256=4264b9e7db00d1cd426fcd32e36565779163cedc2340a95b0e6f025e71f9aaa7
  faraday (2.12.2) sha256=157339c25c7b8bcb739f5cf1207cb0cefe8fa1c65027266bcbc34c90c84b9ad6
  faraday-net_http (3.4.0) sha256=a1f1e4cd6a2cf21599c8221595e27582d9936819977bbd4089a601f24c64e54a
  faraday-retry (2.2.1) sha256=4146fed14549c0580bf14591fca419a40717de0dd24f267a8ec2d9a728677608
  json (2.10.2) sha256=34e0eada93022b2a0a3345bb0b5efddb6e9ff5be7c48e409cfb54ff8a36a8b06
  logger (1.6.6) sha256=dd618d24e637715472732e7eed02e33cfbdf56deaad225edd0f1f89d38024017
  net-http (0.6.0) sha256=9621b20c137898af9d890556848c93603716cab516dc2c89b01a38b894e259fb
  nokogiri (1.18.4-aarch64-linux-gnu) sha256=8f2263cef9953ce09bd5293d76c9bbd3013d2f94d1cca67783dfe6635c529deb
  nokogiri (1.18.4-aarch64-linux-musl) sha256=4e231f8ba3128cfc2ef0cc0bdc807d7ce71fc62cb6a78216e817be8631fe6a96
  nokogiri (1.18.4-arm-linux-gnu) sha256=cc2945e2c19560a61a97737e6bd3b329edb1f82ca204d46a18e5e98ad0a550a6
  nokogiri (1.18.4-arm-linux-musl) sha256=4fb7f44de0cd85abfa869e4cfb619410da174ebf9fbe26ae0caa65462b818bcb
  nokogiri (1.18.4-arm64-darwin) sha256=73902663b23b1123282b9c0b6d9654b1fb286dfee8d65cb1f6029087b7f0d037
  nokogiri (1.18.4-x86_64-darwin) sha256=e4776f58eea9b94d05caf8bf351e3c6aa1cce01edcc2ed530f3c302c13178965
  nokogiri (1.18.4-x86_64-linux-gnu) sha256=b1c6407b346b88704e97a342a80acd4755175324e624da34d0c5cfdc8d34191e
  nokogiri (1.18.4-x86_64-linux-musl) sha256=ea7c0356a70f3d2d0d76315b533877013d20368d5c9f437c38e0bd462c4844dc
  octokit (9.2.0) sha256=4fa47ff35ce654127edf2c836ab9269bcc8829f5542dc1e86871f697ce7f4316
  public_suffix (6.0.1) sha256=61d44e1cab5cbbbe5b31068481cf16976dd0dc1b6b07bd95617ef8c5e3e00c6f
  racc (1.8.1) sha256=4a7f6929691dbec8b5209a0b373bc2614882b55fc5d2e447a21aaa691303d62f
  rexml (3.4.1) sha256=c74527a9a0a04b4ec31dbe0dc4ed6004b960af943d8db42e539edde3a871abca
  rss (0.3.1) sha256=b46234c04551b925180f8bedfc6f6045bf2d9998417feda72f300e7980226737
  sawyer (0.9.2) sha256=fa3a72d62a4525517b18857ddb78926aab3424de0129be6772a8e2ba240e7aca
  uri (1.0.3) sha256=e9f2244608eea2f7bc357d954c65c910ce0399ca5e18a7a29207ac22d8767011

BUNDLED WITH
   2.6.2
